GEM
  remote: http://rubygems.org/
  remote: http://gems.github.com/
  specs:
    archive-tar-minitar (0.5.2)
    colored (1.2)
    diff-lcs (1.1.3)
    erubis (2.7.0)
    facter (1.6.5)
    ffi (1.0.11)
    i18n (0.6.0)
    json (1.5.4)
    net-scp (1.0.4)
      net-ssh (>= 1.99.1)
    net-ssh (2.1.4)
    nokogiri (1.4.4)
    puppet (2.7.11)
      facter (>= 1.5.1)
    rake (0.9.2)
    rspec (2.6.0)
      rspec-core (~> 2.6.0)
      rspec-expectations (~> 2.6.0)
      rspec-mocks (~> 2.6.0)
    rspec-core (2.6.4)
    rspec-expectations (2.6.0)
      diff-lcs (~> 1.1.2)
    rspec-mocks (2.6.0)
    thor (0.14.6)
    timecop (0.3.5)
    vagrant (0.8.7)
      archive-tar-minitar (= 0.5.2)
      erubis (~> 2.7.0)
      i18n (~> 0.6.0)
      json (~> 1.5.1)
      net-scp (~> 1.0.4)
      net-ssh (~> 2.1.4)
      thor (~> 0.14.6)
      virtualbox (~> 0.9.1)
    virtualbox (0.9.2)
      ffi (~> 1.0.9)

PLATFORMS
  ruby

DEPENDENCIES
  colored (= 1.2)
  nokogiri (= 1.4.4)
  puppet (= 2.7.11)
  rake (= 0.9.2)
  rspec (= 2.6.0)
  timecop (= 0.3.5)
  vagrant (= 0.8.7)
